GEM
  remote: https://rubygems.org/
  specs:
    activesupport (6.1.3)
      concurrent-ruby (~> 1.0, >= 1.0.2)
      i18n (>= 1.6, < 2)
      minitest (>= 5.1)
      tzinfo (~> 2.0)
      zeitwerk (~> 2.3)
    concurrent-ruby (1.1.8)
    dotenv (2.2.1)
    i18n (1.8.9)
      concurrent-ruby (~> 1.0)
    mail (2.6.6)
      mime-types (>= 1.16, < 4)
    mime-types (3.1)
      mime-types-data (~> 3.2015)
    mime-types-data (3.2016.0521)
    mini_portile2 (2.3.0)
    minitest (5.14.4)
    nokogiri (1.8.1)
      mini_portile2 (~> 2.3.0)
    rspec-core (3.7.0)
      rspec-support (~> 3.7.0)
    rspec-support (3.7.0)
    tzinfo (2.0.4)
      concurrent-ruby (~> 1.0)
    zeitwerk (2.4.2)

PLATFORMS
  ruby

DEPENDENCIES
  activesupport
  dotenv
  mail
  nokogiri
  rspec-core

RUBY VERSION
   ruby 2.7.3p183

BUNDLED WITH
   2.2.15
