GEM
  remote: https://rubygems.org/
  specs:
    dotenv (2.2.1)
    mail (2.6.6)
      mime-types (>= 1.16, < 4)
    mime-types (3.1)
      mime-types-data (~> 3.2015)
    mime-types-data (3.2016.0521)
    mini_portile2 (2.3.0)
    nokogiri (1.8.1)
      mini_portile2 (~> 2.3.0)
    rspec-core (3.7.0)
      rspec-support (~> 3.7.0)
    rspec-support (3.7.0)

PLATFORMS
  ruby

DEPENDENCIES
  dotenv
  mail
  nokogiri
  rspec-core

RUBY VERSION
   ruby 2.7.2p137

BUNDLED WITH
   2.2.10
